GEM
  remote: https://rubygems.org/
  specs:
    backports (3.24.1)
    dotenv (2.8.1)
    json (2.6.3)
    multi_json (1.15.0)
    rack (1.6.13)
    rack-protection (1.5.5)
      rack
    rack-test (2.1.0)
      rack (>= 1.3)
    sinatra (1.4.0)
      rack (~> 1.5, >= 1.5.2)
      rack-protection (~> 1.4)
      tilt (~> 1.3, >= 1.3.4)
    sinatra-contrib (1.4.7)
      backports (>= 2.0)
      multi_json
      rack-protection
      rack-test
      sinatra (~> 1.4.0)
      tilt (>= 1.3, < 3)
    tilt (1.4.1)

PLATFORMS
  x64-mingw32

DEPENDENCIES
  dotenv
  json
  sinatra (= 1.4.0)
  sinatra-contrib

BUNDLED WITH
   2.4.21
